GEM
  remote: https://rubygems.org/
  specs:
    image_size (3.4.0)
    md2review (1.12.1)
      redcarpet (> 2.0.0)
    rake (13.3.0)
    redcarpet (3.6.0)
    review (2.5.0)
      image_size
      rouge
      rubyzip
    rouge (4.5.1)
    rubyzip (2.3.2)

PLATFORMS
  ruby
  x86_64-linux

DEPENDENCIES
  md2review
  rake
  review (~> 2.0)

BUNDLED WITH
   2.6.2
